GIT
  remote: git://github.com/sinatra/sinatra
  revision: 53505b63e784ecfab2f2869b314be458d77258d5
  tag: v1.3.3
  specs:
    sinatra (1.3.3)
      rack (~> 1.3, >= 1.3.6)
      rack-protection (~> 1.2)
      tilt (~> 1.3, >= 1.3.3)

PATH
  remote: .
  specs:
    sinatra-contrib (1.4.0)
      backports (>= 2.0)
      eventmachine
      rack-protection
      rack-test
      sinatra (~> 1.3.3)
      tilt (~> 1.3)

GEM
  remote: http://rubygems.org/
  specs:
    backports (2.6.5)
    diff-lcs (1.1.3)
    erubis (2.7.0)
    eventmachine (1.0.0)
    haml (3.1.4)
    json (1.6.5)
    rack (1.4.1)
    rack-protection (1.2.0)
      rack
    rack-test (0.6.2)
      rack (>= 1.0)
    rake (0.9.2.2)
    rspec (2.9.0)
      rspec-core (~> 2.9.0)
      rspec-expectations (~> 2.9.0)
      rspec-mocks (~> 2.9.0)
    rspec-core (2.9.0)
    rspec-expectations (2.9.0)
      diff-lcs (~> 1.1.3)
    rspec-mocks (2.9.0)
    slim (1.1.1)
      temple (~> 0.4.0)
      tilt (~> 1.3.2)
    temple (0.4.0)
    tilt (1.3.3)
    yajl-ruby (1.1.0)

PLATFORMS
  ruby

DEPENDENCIES
  erubis
  haml
  json
  rack
  rake
  rspec (~> 2.3)
  sinatra!
  sinatra-contrib!
  slim
  tilt
  yajl-ruby
